GEM
  remote: https://ruby.taobao.org/
  specs:
    activemodel (4.2.5)
      activesupport (= 4.2.5)
      builder (~> 3.1)
    activerecord (4.2.5)
      activemodel (= 4.2.5)
      activesupport (= 4.2.5)
      arel (~> 6.0)
    activerecord-oracle_enhanced-adapter (1.6.5)
    activesupport (4.2.5)
      i18n (~> 0.7)
      json (~> 1.7, >= 1.7.7)
      minitest (~> 5.1)
      thread_safe (~> 0.3, >= 0.3.4)
      tzinfo (~> 1.1)
    arel (6.0.3)
    builder (3.2.2)
    i18n (0.7.0)
    json (1.8.3)
    minitest (5.8.3)
    mysql2 (0.3.15)
    ruby-oci8 (2.1.6)
    ruby-ole (1.2.11.7)
    spreadsheet (0.9.0)
      ruby-ole (>= 1.0)
    thread_safe (0.3.5)
    tzinfo (1.2.2)
      thread_safe (~> 0.1)

PLATFORMS
  ruby

DEPENDENCIES
  activerecord
  activerecord-oracle_enhanced-adapter (~> 1.6.0)
  mysql2
  ruby-oci8
  spreadsheet

BUNDLED WITH
   1.11.2
